GEM
  remote: https://rubygems.org/
  specs:
    actionmailer (3.2.13)
      actionpack (= 3.2.13)
      mail (~> 2.5.3)
    actionpack (3.2.13)
      activemodel (= 3.2.13)
      activesupport (= 3.2.13)
      builder (~> 3.0.0)
      erubis (~> 2.7.0)
      journey (~> 1.0.4)
      rack (~> 1.4.5)
      rack-cache (~> 1.2)
      rack-test (~> 0.6.1)
      sprockets (~> 2.2.1)
    activemodel (3.2.13)
      activesupport (= 3.2.13)
      builder (~> 3.0.0)
    activerecord (3.2.13)
      activemodel (= 3.2.13)
      activesupport (= 3.2.13)
      arel (~> 3.0.2)
      tzinfo (~> 0.3.29)
    activeresource (3.2.13)
      activemodel (= 3.2.13)
      activesupport (= 3.2.13)
    activesupport (3.2.13)
      i18n (= 0.6.1)
      multi_json (~> 1.0)
    addressable (2.3.6)
    annotate (2.6.3)
      activerecord (>= 2.3.0)
      rake (>= 0.8.7)
    arel (3.0.3)
    backbone-on-rails (1.1.1.0)
      actionmailer
      actionpack
      activemodel
      activeresource
      eco
      ejs
      jquery-rails
      railties
    binding_of_caller (0.7.2)
      debug_inspector (>= 0.0.1)
    buftok (0.2.0)
    builder (3.0.4)
    callsite (0.0.11)
    capybara (2.2.1)
      mime-types (>= 1.16)
      nokogiri (>= 1.3.3)
      rack (>= 1.0.0)
      rack-test (>= 0.5.4)
      xpath (~> 2.0)
    celluloid (0.15.2)
      timers (~> 1.1.0)
    celluloid-io (0.15.0)
      celluloid (>= 0.15.0)
      nio4r (>= 0.5.0)
    childprocess (0.5.2)
      ffi (~> 1.0, >= 1.0.11)
    choice (0.1.6)
    coderay (1.1.0)
    coffee-rails (3.2.2)
      coffee-script (>= 2.2.0)
      railties (~> 3.2.0)
    coffee-script (2.2.0)
      coffee-script-source
      execjs
    coffee-script-source (1.7.0)
    columnize (0.8.9)
    cookiejar (0.3.2)
    daemons (1.1.9)
    debug_inspector (0.0.2)
    debugger (1.6.6)
      columnize (>= 0.3.1)
      debugger-linecache (~> 1.2.0)
      debugger-ruby_core_source (~> 1.3.2)
    debugger-linecache (1.2.0)
    debugger-ruby_core_source (1.3.2)
    diff-lcs (1.2.5)
    dotenv (0.10.0)
    dotenv-rails (0.10.0)
      dotenv (= 0.10.0)
    eco (1.0.0)
      coffee-script
      eco-source
      execjs
    eco-source (1.1.0.rc.1)
    ejs (1.1.1)
    em-http-request (1.1.2)
      addressable (>= 2.3.4)
      cookiejar
      em-socksify (>= 0.3)
      eventmachine (>= 1.0.3)
      http_parser.rb (>= 0.6.0)
    em-socksify (0.3.0)
      eventmachine (>= 1.0.0.beta.4)
    em-twitter (0.3.3)
      buftok (~> 0.2)
      eventmachine (~> 1.0)
      http_parser.rb (~> 0.6)
      simple_oauth (~> 0.2)
    equalizer (0.0.9)
    erubis (2.7.0)
    eventmachine (1.0.3)
    execjs (2.0.2)
    factory_girl (4.4.0)
      activesupport (>= 3.0.0)
    factory_girl_rails (4.4.1)
      factory_girl (~> 4.4.0)
      railties (>= 3.0.0)
    faker (1.3.0)
      i18n (~> 0.5)
    faraday (0.9.0)
      multipart-post (>= 1.2, < 3)
    ffi (1.9.3)
    formatador (0.2.4)
    foundation-rails (5.2.2.0)
      railties (>= 3.1.0)
      sass (>= 3.2.0)
    guard (2.6.0)
      formatador (>= 0.2.4)
      listen (~> 2.7)
      lumberjack (~> 1.0)
      pry (>= 0.9.12)
      thor (>= 0.18.1)
    guard-rspec (4.2.8)
      guard (~> 2.1)
      rspec (>= 2.14, < 4.0)
    haml (4.0.5)
      tilt
    haml-rails (0.4)
      actionpack (>= 3.1, < 4.1)
      activesupport (>= 3.1, < 4.1)
      haml (>= 3.1, < 4.1)
      railties (>= 3.1, < 4.1)
    hamlbars (2.1.1)
      execjs (>= 1.2)
      haml
      sprockets (>= 2.0)
      tilt
    handlebars_assets (0.15)
      execjs (>= 1.2.9)
      multi_json
      sprockets (>= 2.0.3)
      tilt
    hashie (2.1.1)
    hike (1.2.3)
    http (0.5.0)
      http_parser.rb
    http_parser.rb (0.6.0)
    i18n (0.6.1)
    journey (1.0.4)
    jquery-rails (3.1.0)
      railties (>= 3.0, < 5.0)
      thor (>= 0.14, < 2.0)
    json (1.8.1)
    launchy (2.4.2)
      addressable (~> 2.3)
    listen (2.7.1)
      celluloid (>= 0.15.2)
      celluloid-io (>= 0.15.0)
      rb-fsevent (>= 0.9.3)
      rb-inotify (>= 0.9)
    lumberjack (1.0.5)
    mail (2.5.4)
      mime-types (~> 1.16)
      treetop (~> 1.4.8)
    memoizable (0.4.2)
      thread_safe (~> 0.3, >= 0.3.1)
    meta_request (0.3.0)
      callsite
      rack-contrib
      railties
    method_source (0.8.2)
    mime-types (1.25.1)
    mini_portile (0.5.3)
    multi_json (1.9.2)
    multipart-post (2.0.0)
    naught (1.0.0)
    nio4r (1.0.0)
    nokogiri (1.6.1)
      mini_portile (~> 0.5.0)
    oauth (0.4.7)
    omniauth (1.2.1)
      hashie (>= 1.2, < 3)
      rack (~> 1.0)
    omniauth-oauth (1.0.1)
      oauth
      omniauth (~> 1.0)
    omniauth-twitter (1.0.1)
      multi_json (~> 1.3)
      omniauth-oauth (~> 1.0)
    pg (0.17.1)
    polyglot (0.3.4)
    pry (0.9.12.6)
      coderay (~> 1.0)
      method_source (~> 0.8)
      slop (~> 3.4)
    pry-debugger (0.2.2)
      debugger (~> 1.3)
      pry (~> 0.9.10)
    pry-rails (0.3.2)
      pry (>= 0.9.10)
    pry-stack_explorer (0.4.9.1)
      binding_of_caller (>= 0.7)
      pry (>= 0.9.11)
    quiet_assets (1.0.2)
      railties (>= 3.1, < 5.0)
    rack (1.4.5)
    rack-cache (1.2)
      rack (>= 0.4)
    rack-contrib (1.1.0)
      rack (>= 0.9.1)
    rack-ssl (1.3.4)
      rack
    rack-test (0.6.2)
      rack (>= 1.0)
    rails (3.2.13)
      actionmailer (= 3.2.13)
      actionpack (= 3.2.13)
      activerecord (= 3.2.13)
      activeresource (= 3.2.13)
      activesupport (= 3.2.13)
      bundler (~> 1.0)
      railties (= 3.2.13)
    rails-erd (1.1.0)
      activerecord (>= 3.0)
      activesupport (>= 3.0)
      choice (~> 0.1.6)
      ruby-graphviz (~> 1.0.4)
    railties (3.2.13)
      actionpack (= 3.2.13)
      activesupport (= 3.2.13)
      rack-ssl (~> 1.3.2)
      rake (>= 0.8.7)
      rdoc (~> 3.4)
      thor (>= 0.14.6, < 2.0)
    rake (10.3.1)
    rb-fsevent (0.9.4)
    rb-inotify (0.9.3)
      ffi (>= 0.5.0)
    rdoc (3.12.2)
      json (~> 1.4)
    rspec (2.14.1)
      rspec-core (~> 2.14.0)
      rspec-expectations (~> 2.14.0)
      rspec-mocks (~> 2.14.0)
    rspec-core (2.14.8)
    rspec-expectations (2.14.5)
      diff-lcs (>= 1.1.3, < 2.0)
    rspec-mocks (2.14.6)
    rspec-rails (2.14.2)
      actionpack (>= 3.0)
      activemodel (>= 3.0)
      activesupport (>= 3.0)
      railties (>= 3.0)
      rspec-core (~> 2.14.0)
      rspec-expectations (~> 2.14.0)
      rspec-mocks (~> 2.14.0)
    ruby-graphviz (1.0.9)
    rubyzip (1.1.3)
    sass (3.3.5)
    sass-rails (3.2.6)
      railties (~> 3.2.0)
      sass (>= 3.1.10)
      tilt (~> 1.3)
    selenium-webdriver (2.41.0)
      childprocess (>= 0.5.0)
      multi_json (~> 1.0)
      rubyzip (~> 1.0)
      websocket (~> 1.0.4)
    shoulda-matchers (2.6.0)
      activesupport (>= 3.0.0)
    simple_oauth (0.2.0)
    slop (3.5.0)
    sprockets (2.2.2)
      hike (~> 1.2)
      multi_json (~> 1.0)
      rack (~> 1.0)
      tilt (~> 1.1, != 1.3.0)
    sqlite3 (1.3.9)
    thor (0.19.1)
    thread_safe (0.3.3)
    tilt (1.4.1)
    timers (1.1.0)
    treetop (1.4.15)
      polyglot
      polyglot (>= 0.3.1)
    tweetstream (2.6.1)
      daemons (~> 1.1)
      em-http-request (>= 1.1.1)
      em-twitter (~> 0.3)
      multi_json (~> 1.3)
      twitter (~> 5.5)
    twitter (5.8.0)
      addressable (~> 2.3)
      buftok (~> 0.2.0)
      equalizer (~> 0.0.9)
      faraday (~> 0.9.0)
      http (~> 0.5.0)
      http_parser.rb (~> 0.6.0)
      json (~> 1.8)
      memoizable (~> 0.4.0)
      naught (~> 1.0)
      simple_oauth (~> 0.2.0)
    tzinfo (0.3.39)
    uglifier (2.5.0)
      execjs (>= 0.3.0)
      json (>= 1.8.0)
    websocket (1.0.7)
    xpath (2.0.0)
      nokogiri (~> 1.3)

PLATFORMS
  ruby

DEPENDENCIES
  annotate
  backbone-on-rails
  binding_of_caller
  capybara
  coffee-rails (~> 3.2.1)
  dotenv-rails
  factory_girl_rails
  faker
  foundation-rails
  guard-rspec
  haml-rails
  hamlbars
  handlebars_assets
  jquery-rails
  launchy
  meta_request
  omniauth-twitter
  pg
  pry-debugger
  pry-rails
  pry-stack_explorer
  quiet_assets
  rails (= 3.2.13)
  rails-erd
  rspec
  rspec-rails (~> 2.0)
  sass-rails (~> 3.2.3)
  selenium-webdriver
  shoulda-matchers
  sqlite3
  tweetstream
  twitter
  uglifier (>= 1.0.3)
